{
  "AcquisitionDuration": "7:00",
  "AcquisitionMatrix": "80x78",
  "EchoTime": 0.03,
  "FieldofViewDimensions": "200x200",
  "FieldofViewShape": "Rectangle",
  "FlipAngle": 90,
  "Instructions": "participants were instructed to relax, fixate on a white cross (against a black background) and think of nothing in particular.",
  "Manufacturer": "Philips",
  "ManufacturersModelName": "Achieva Ds",
  "Notes": "Reconstructed voxels 1.56x1.56x2.7",
  "NumberOfSlices": 45,
  "NumberofMeasurements": "162",
  "ParallelAcquisition": "Yes",
  "ParallelAcquisitionTechnique": "SENSE",
  "ParallelReductionFactorIn-plane": "2",
  "PhaseEncodingDirection": "j-",
  "PixelBandwidth": "2188",
  "PixelSpacing": "2.5x2.56",
  "PulseSequenceType": "EPI",
  "ReceiveCoilName": "32 Chan",
  "ReceiveCoilType": "Head",
  "RepetitionTime": 2.5,
  "ScanOptions": "FS",
  "SliceAcquisitionOrder": "Sequential Ascending",
  "SliceEncodingDirection": "k",
  "SliceThickness": 2.7,
  "SliceTiming": [
    0.0,
    0.055560000000000005,
    0.11111,
    0.16666999999999998,
    0.22222,
    0.27777999999999997,
    0.33332999999999996,
    0.38889,
    0.44444,
    0.5,
    0.5555599999999999,
    0.61111,
    0.66667,
    0.72222,
    0.77778,
    0.83333,
    0.88889,
    0.9444400000000001,
    1.0,
    1.05556,
    1.1111099999999998,
    1.16667,
    1.22222,
    1.27778,
    1.33333,
    1.3888900000000002,
    1.44444,
    1.5,
    1.55556,
    1.6111099999999998,
    1.66667,
    1.72222,
    1.77778,
    1.83333,
    1.8888900000000002,
    1.94444,
    2.0,
    2.05556,
    2.11111,
    2.16667,
    2.2222199999999996,
    2.2777800000000004,
    2.33333,
    2.38889,
    2.44444
  ],
  "SpacingBetweenSlices": 3.1,
  "TaskDescription": "Scan sessions started with the acquisition of the anatomical followed by the resting state scan (in turn followed by two task-related fMRI runs). During the resting state scan, participants were instructed to relax, fixate on a white cross (against a black background) and think of nothing in particular.",
  "TaskName": "rest",
  "MagneticFieldStrength": 3.0,
  "PlaneOrientationSequence": "Axial"
}
