{
  "AcquisitionDuration": "7:55",
  "AcquisitionMatrix": "64x63",
  "EchoTime": 0.045,
  "FieldofViewDimensions": "230x230",
  "FieldofViewShape": "Rectangle",
  "FlipAngle": 90,
  "Instructions": "Participants were asked to lie still in the scanner, with their eyes closed.",
  "MagneicFieldStrength": 1.5,
  "Manufacturer": "Philips",
  "ManufacturersModelName": "Achieva",
  "NumberOfSlices": 32,
  "NumberofMeasurements": "85",
  "PhaseEncodingDirection": "j-",
  "PixelBandwidth": "2213",
  "PixelSpacing": "3.59x3.65",
  "PlaneOrientationSequentialuence": "Axial",
  "PulseSequenceType": "EPI",
  "ReceiveCoilType": "Head",
  "RepetitionTime": 2.7,
  "ScanOptions": "FS",
  "SliceThickness": 4.0,
  "SpacingBetweenSlices": 4.0,
  "TaskDescription": "No stimuli were shown on the screen. Subjects may have fallen asleep during the scans. A foam padding was placed within the head coil to limit movement during the scan. Resting-state scans were acquired after 3DT1 scans and before DTI scans, no task-based experiments were completed.",
  "TaskName": "rest"
}
