{
  "AcquisitionDuration": "7:37",
  "AcquisitionMatrix": "256x208",
  "EchoTime": 0.00274,
  "FieldofViewDimensions": "256x208",
  "FieldofViewShape": "Rectangle",
  "FlipAngle": 8,
  "InversionTime": 0.9,
  "MagneticFieldStrength": 3,
  "Manufacturer": "Siemens",
  "ManufacturersModelName": "Allegra",
  "NumberOfSlices": 176.0,
  "ParallelAcquisition": "No",
  "PartialFourier": "8-Jul",
  "PhaseEncodingDirection": "i",
  "PixelBandwidth": 190.0,
  "PixelSpacing": "1x1",
  "PlaneOrientationSequence": "Axial > Saggital -1.3",
  "ReceiveCoilType": "Head",
  "RepetitionTime": 2.5,
  "ScanOptions": "PFP",
  "ScanningSequence": "MPRAGE",
  "SliceAcquisitionOrder": "Sequential Ascending",
  "SliceThickness": 1.0,
  "SpacingBetweenSlices": 1.5
}
