{
  "AcquisitionDuration": "3:09:00",
  "AcquisitionMatrix": "96x74",
  "Diffusionb-value": 1000.0,
  "EchoTime": 0.086,
  "FieldofViewDimensions": "240x190",
  "FieldofViewShape": "Rectangle",
  "FlipAngle": 90.0,
  "Manufacturer": "Philips",
  "ManufacturersModelName": "Achieva",
  "NumberOfSlices": 45,
  "NumberofBZeros": "1",
  "NumberofDirections": 32,
  "ParallelAcquisition": "Yes",
  "ParallelAcquisitionTechnique": "SENSE",
  "ParallelReductionFactorIn-plane": 2.0,
  "PhaseEncodingDirection": "j-",
  "PixelSpacing": "2.5x2.5",
  "PlaneOrientationSequence": "Axial",
  "ReceiveCoilType": "Head",
  "RepetitionTime": 5.407,
  "ScanOptions": "FS",
  "ScanningSequence": "EPI",
  "SliceAcquisitionOrder": "Default",
  "SliceEncodingDirection": "k",
  "SliceThickness": 2.5,
  "SpacingBetweenSlices": 2.5,
  "MagneticFieldStrength": 1.5
}
