{
  "AcquisitionDuration": "6:10",
  "AcquisitionMatrix": "64x64",
  "EchoTime": 0.03,
  "FieldofViewDimensions": "220x220",
  "FieldofViewShape": "Rectangle",
  "FlipAngle": 90,
  "Instructions": "Participants were instructed to keep their eyes directed on a cross-hair in the center of the projector, relax, and try not to fall asleep for the duration of the scan",
  "Manufacturer": "GE",
  "ManufacturersModelName": "MR750",
  "NumberOfSlices": 42,
  "NumberofMeasurements": "180",
  "ParallelAcquisition": "Yes",
  "ParallelAcquisitionTechnique": "ASSET",
  "ParallelReductionFactorIn-plane": "n/a",
  "PhaseEncodingDirection": "j-",
  "PixelBandwidth": "7812.5",
  "PixelSpacing": "3.4375x3.4375",
  "PulseSequenceType": "EPI",
  "ReceiveCoilName": "8 Chan",
  "ReceiveCoilType": "Head",
  "RepetitionTime": 2.0,
  "SliceAcquisitionOrder": "Interleaved Ascending",
  "SliceEncodingDirection": "k",
  "SliceThickness": 3.4,
  "SliceTiming": [
    0.0,
    1.0,
    0.047619999999999996,
    1.04762,
    0.09523999999999999,
    1.09524,
    0.14286000000000001,
    1.14286,
    0.19047999999999998,
    1.19048,
    0.2381,
    1.2381,
    0.28570999999999996,
    1.2857100000000001,
    0.33332999999999996,
    1.33333,
    0.38095,
    1.3809500000000001,
    0.42857,
    1.42857,
    0.47619,
    1.4761900000000001,
    0.52381,
    1.5238099999999999,
    0.57143,
    1.57143,
    0.61905,
    1.6190499999999999,
    0.66667,
    1.66667,
    0.71429,
    1.7142899999999999,
    0.7619,
    1.7619,
    0.80952,
    1.80952,
    0.85714,
    1.85714,
    0.90476,
    1.90476,
    0.95238,
    1.95238
  ],
  "SpacingBetweenSlices": 3.4,
  "TaskDescription": " During the resting state scans, participants were instructed to keep their eyes directed on a cross-hair in the center of the projector, relax, and try not to fall asleep for the duration of the scan.",
  "TaskName": "rest",
  "MagneticFieldStrength": 3.0,
  "PlaneOrientationSequence": "Axial"
}
