{
  "AcquisitionDuration": "5:02",
  "AcquisitionMatrix": "64x64",
  "EchoTime": 0.03,
  "FieldofViewDimensions": "230x230",
  "FieldofViewShape": "Rectangle",
  "FlipAngle": 85,
  "Instructions": "The participants were asked to keep their eyes closed and to think about nothing in particular",
  "Manufacturer": "GE",
  "ManufacturersModelName": "MR750",
  "Notes": "AC/PC Aligned (Axial / Oblique)",
  "NumberOfSlices": 37,
  "NumberofMeasurements": "160",
  "ParallelAcquisition": "No",
  "PhaseEncodingDirection": "j-",
  "PixelSpacing": "3.5938x3.5938",
  "PulseSequenceType": "EPI",
  "ReceiveCoilName": "8 Chan",
  "ReceiveCoilType": "Head",
  "RepetitionTime": 2.0,
  "SliceAcquisitionOrder": "Interleaved Descending",
  "SliceEncodingDirection": "k-",
  "SliceThickness": 4.0,
  "SliceTiming": [
    0.97297,
    1.94595,
    0.91892,
    1.89189,
    0.86486,
    1.83784,
    0.8108099999999999,
    1.78378,
    0.75676,
    1.72973,
    0.7027,
    1.67568,
    0.64865,
    1.6216199999999998,
    0.5945900000000001,
    1.56757,
    0.5405399999999999,
    1.51351,
    0.48649000000000003,
    1.45946,
    0.43243,
    1.40541,
    0.37838,
    1.3513499999999998,
    0.32432,
    1.2973,
    0.27026999999999995,
    1.24324,
    0.21622,
    1.18919,
    0.16216,
    1.13514,
    0.10811,
    1.0810799999999998,
    0.054049999999999994,
    1.0270299999999999,
    0.0
  ],
  "SpacingBetweenSlices": 4.0,
  "TaskDescription": "Prior to the actual MRI scanning session, children participated in a mock scanning session to Interleavedroduce them to the scanning environment. The mock scanner simulates the most important aspects of the actual scanning session, including the feeling of being within the MR-bore, wearing headphones that plays recorded gradient sounds, and the ability to watch a forward-projected film via a mirror positioned on the head coil. The purpose of the mock scanning session was to provide an introduction to the scanning environment and to offer the opportunity for the child or parent to opt out of the procedure before going to the actual MRI scanner. The children and their parents were asked several questions over their anxiety level and whether they thought it was fun or not. These questions were asked before the mock scanning session, immediately after the mock scanning session, and immediately after the actual MRI scan. If, at any poInterleaved, the child responded to a visual analog scale that they were either too scared or that they found it not at all fun, we stopped immediately and the child was not scanned. Data collection was also stopped based on the parents and researchers ratings of the childs fear along the same visual analog scale; if ratings indicated that the child was too scared data collection was stopped. The children were able to watch a film during the structural MRI acquisition, which was the initial Sequentialuence obtained following the localizer scans. The film and sound was turned off during the resting state functional magnetic resonance imaging sequence and the children were asked to keep their eyes closed and to think about nothing in particular.",
  "TaskName": "rest",
  "MagneticFieldStrength": 3.0,
  "PlaneOrientationSequence": "Axial"
}
