{
  "AcquisitionDuration": "5:06",
  "AcquisitionMatrix": "64x64",
  "EchoTime": 0.025,
  "FieldofViewDimensions": "200x200",
  "FieldofViewShape": "Rectangle",
  "FlipAngle": 70,
  "MagneicFieldStrength": 3.0,
  "Manufacturer": "Siemens",
  "ManufacturersModelName": "Allegra",
  "NumberOfSlices": 29,
  "NumberofMeasurements": "200",
  "ParallelAcquisition": "No",
  "PhaseEncodingDirection": "j-",
  "PixelBandwidth": "3126",
  "PixelSpacing": "3.1x3.1",
  "PlaneOrientationSequentialuence": "Axial>Coronal-18.14",
  "PulseSequenceType": "EPI",
  "ReceiveCoilName": "8 Chan",
  "ReceiveCoilType": "Head",
  "RepetitionTime": 1.5,
  "ScanOptions": "FS",
  "SliceAcquisitionOrder": "Interleaved Ascending",
  "SliceEncodingDirection": "k",
  "SliceThickness": 4.0,
  "SliceTiming": [
    0.0,
    0.77586,
    0.05172,
    0.82759,
    0.10345,
    0.8793099999999999,
    0.15516999999999997,
    0.93103,
    0.2069,
    0.98276,
    0.25862,
    1.03448,
    0.31033999999999995,
    1.0862100000000001,
    0.36207,
    1.13793,
    0.41379000000000005,
    1.1896600000000002,
    0.46552,
    1.2413800000000001,
    0.51724,
    1.2931,
    0.56897,
    1.34483,
    0.6206900000000001,
    1.39655,
    0.67241,
    1.44828,
    0.72414
  ],
  "SpacingBetweenSlices": 4.0,
  "TaskDescription": "While in the scanner participants completed memory tasks, followed by structural scans. The last run of the scan session was the rest fMRI sequence in which participants were instructed to close their eyes and asked not to fall asleep.",
  "TaskName": "rest"
}
