{
  "AcquisitionDuration": "8:06",
  "AcquisitionMatrix": "64x64",
  "BulkMotionCompensationTechnique": "Tracking",
  "EchoTime": 0.027999999999999997,
  "FieldofViewDimensions": "220x220",
  "FieldofViewShape": "Rectangle",
  "FlipAngle": 90,
  "Instructions": "\"Keep your eyes open and remain awake, letting thoughts pass through your mind without focusing on any particular mental activity.\"",
  "MagneicFieldStrength": 3.0,
  "Manufacturer": "Siemens",
  "ManufacturersModelName": "TriTim",
  "NumberOfSlices": 40,
  "NumberofMeasurements": "240",
  "ParallelAcquisition": "Yes",
  "ParallelAcquisitionTechnique": "GRAPPA",
  "ParallelReductionFactorIn-plane": "2",
  "PhaseEncodingDirection": "j-",
  "PixelBandwidth": "2894",
  "PixelSpacing": "3.4x3.4",
  "PlaneOrientationSequentialuence": "Axial",
  "PulseSequenceType": "EPI",
  "ReceiveCoilType": "Head",
  "RepetitionTime": 2.0,
  "ScanOptions": "FS",
  "SliceAcquisitionOrder": "Interleaved Ascending",
  "SliceEncodingDirection": "k",
  "SliceThickness": 3.0,
  "SliceTiming": [
    1.0,
    0.0,
    1.05,
    0.05,
    1.1,
    0.1,
    1.15,
    0.15,
    1.2,
    0.2,
    1.25,
    0.25,
    1.3,
    0.3,
    1.35,
    0.35,
    1.4,
    0.4,
    1.45,
    0.45,
    1.5,
    0.5,
    1.55,
    0.55,
    1.6,
    0.6,
    1.65,
    0.65,
    1.7,
    0.7,
    1.75,
    0.75,
    1.8,
    0.8,
    1.85,
    0.85,
    1.9,
    0.9,
    1.95,
    0.95
  ],
  "SpacingBetweenSlices": 3.3,
  "TaskDescription": "Resting state fMRI data were collected with the following subject instructions: \"Keep your eyes open and remain awake, letting thoughts pass through your mind without focusing on any particular mental activity.\" All resting state fMRI images were collected prior to any task-based fMRI and any DTI sequences.",
  "TaskName": "rest"
}
