{
  "AcquisitionDuration": "5:15",
  "AcquisitionMatrix": "64x64",
  "EchoTime": 0.027000000000000003,
  "FieldofViewDimensions": "220x220",
  "FieldofViewShape": "Rectangular",
  "FlipAngle": 60,
  "Instructions": "participants were instructed to lie still with their eyes open, fixating on a centrally presented cross",
  "Manufacturer": "Siemens",
  "ManufacturersModelName": "Allegra",
  "NumberOfSlices": 29.0,
  "NumberofMeasurements": 210.0,
  "ParallelAcquisition": "No",
  "PhaseEncodingDirection": "j-",
  "PixelBandwidth": 4112.0,
  "PixelSpacing": "3.4x3.4",
  "PulseSequenceType": "EPI",
  "ReceiveCoilType": "Head",
  "RepetitionTime": 1.5,
  "ScanOptions": "FS",
  "SliceAcquisitionOrder": "Interleaved Ascending",
  "SliceEncodingDirection": "k",
  "SliceThickness": 4.0,
  "SliceTiming": [
    0.0,
    0.77586,
    0.05172,
    0.82759,
    0.10345,
    0.8793099999999999,
    0.15516999999999997,
    0.93103,
    0.2069,
    0.98276,
    0.25862,
    1.03448,
    0.31033999999999995,
    1.0862100000000001,
    0.36207,
    1.13793,
    0.41379000000000005,
    1.1896600000000002,
    0.46552,
    1.2413800000000001,
    0.51724,
    1.2931,
    0.56897,
    1.34483,
    0.6206900000000001,
    1.39655,
    0.67241,
    1.44828,
    0.72414
  ],
  "SpacingBetweenSlices": 5.0,
  "TaskDescription": "During fMRI, participants were instructed to lie still with their eyes open, fixating on a centrally presented cross for 5 minutes and 15 seconds. We did not ask to withhold any medications prior to scan",
  "TaskName": "rest",
  "MagneticFieldStrength": 3,
  "PlaneOrientationSequence": "Axial"
}
