{
  "AcquisitionDuration": "6:10",
  "AcquisitionMatrix": "64x64",
  "EchoTime": 0.03,
  "FieldofViewDimensions": "220x220",
  "FieldofViewShape": "Rectangular",
  "FlipAngle": 90,
  "Instructions": "Participants were instructed to keep their eyes directed on a cross-hair in the center of the projector, relax, and try not to fall asleep for the duration of the scan.",
  "Manufacturer": "GE",
  "ManufacturersModelName": "MR750",
  "NumberofMeasurements": 180.0,
  "ParallelAcquisition": "Yes",
  "ParallelAcquisitionTechnique": "ASSET",
  "ParallelReductionFactorIn-plane": 2.0,
  "PhaseEncodingDirection": "j-",
  "PixelSpacing": "3.4x3.4",
  "PulseSequenceType": "EPI",
  "ReceiveCoilName": "8Ch",
  "ReceiveCoilType": "Head",
  "RepetitionTime": 2.0,
  "SliceAcquisitionOrder": "Interleaved Ascending",
  "SliceEncodingDirection": "k",
  "SliceThickness": 3.4,
  "SpacingBetweenSlices": 3.4,
  "TaskName": "rest",
  "MagneticFieldStrength": 3,
  "PlaneOrientationSequence": "Axial"
}
