{
  "AcquisitionDuration": "8:05:00",
  "AcquisitionMatrix": "256x256",
  "EchoTime": "0.0035",
  "FieldofViewDimensions": "256x256",
  "FieldofViewShape": "Rectangle",
  "FlipAngle": 7,
  "InversionTime": 1.1,
  "MagneticFieldStrength": 3.0,
  "Manufacturer": "Siemens",
  "ManufacturersModelName": "TriTim",
  "NumberOfSlices": 176,
  "ParallelAcquisition": "Yes",
  "ParallelAcquisitionTechnique": "GRAPPA",
  "ParallelReductionFactorIn-plane": 2.0,
  "PhaseEncodingDirection": "j-",
  "PixelBandwidth": 190.0,
  "PixelSpacing": "1x1",
  "PlaneOrientationSequence": "Sagittal",
  "ReceiveCoilName": "12 Chan",
  "ReceiveCoilType": "Head",
  "RepetitionTime": "2.53",
  "ScanningSequence": "MPRAGE",
  "SliceAcquisitionOrder": "Interleaved Ascending",
  "SliceEncodingDirection": "i",
  "SliceThickness": 1.0,
  "SpacingBetweenSlices": 1.5
}
