{
  "AcquisitionDuration": "6:09",
  "AcquisitionMatrix": "64X64",
  "EchoTime": 0.025,
  "FieldofViewDimensions": "240X240",
  "FieldofViewShape": "Rectangle",
  "FlipAngle": 80,
  "HardcopyDeviceSoftwareVersion": "5/1/09",
  "Instructions": "Participants were instructed to close their eyes and try not to fall asleep without thinking to hard about anything in particular, letting their mind wander",
  "Manufacturer": "Philips",
  "ManufacturersModelName": "Ingenia",
  "NumberOfSlices": 50,
  "NumberofMeasurements": "120",
  "ParallelAcquisition": "Yes",
  "ParallelAcquisitionTechnique": "SENSE",
  "ParallelReductionFactorIn-plane": "2",
  "PhaseEncodingDirection": "j-",
  "PixelBandwidth": "3280",
  "PixelSpacing": "3.75X3.75",
  "PulseSequenceType": "EPI",
  "ReceiveCoilName": "15 Chan",
  "ReceiveCoilType": "Head",
  "RepetitionTime": 3.0,
  "SliceAcquisitionOrder": "Sequential Ascending",
  "SliceEncodingDirection": "k",
  "SliceThickness": 4.0,
  "SliceTiming": [
    0.0,
    0.06,
    0.12,
    0.18,
    0.24,
    0.3,
    0.36,
    0.42,
    0.48,
    0.54,
    0.6,
    0.66,
    0.72,
    0.78,
    0.84,
    0.9,
    0.96,
    1.02,
    1.08,
    1.14,
    1.2,
    1.26,
    1.32,
    1.38,
    1.44,
    1.5,
    1.56,
    1.62,
    1.68,
    1.74,
    1.8,
    1.86,
    1.92,
    1.98,
    2.04,
    2.1,
    2.16,
    2.22,
    2.28,
    2.34,
    2.4,
    2.46,
    2.52,
    2.58,
    2.64,
    2.7,
    2.76,
    2.82,
    2.88,
    2.94
  ],
  "SpacingBetweenSlices": 4.0,
  "TaskDescription": "Resting state fMRI scans were always collected immediately after a localizer, right before an anatomical scan, which in turn, was followed by task-based fMRI scans. Stimulus presentation was via Nordic Neurolab goggles and headphones and the participants had a response device (button press) in the scanner. Resting state scan was collected with eyes closed. During this scan, participants were instructed to close their eyes and try not to fall asleep without thinking to hard about anything in particular, letting their mind wander.",
  "TaskName": "rest",
  "MagneticFieldStrength": 3.0,
  "PlaneOrientationSequence": "Axial"
}
