{
  "AcquisitionDuration": "7:37",
  "AcquisitionMatrix": "80x80",
  "EchoTime": 0.03,
  "FieldofViewDimensions": "240x240",
  "FieldofViewShape": "Rectangle",
  "FlipAngle": 60,
  "Instructions": "Participants were instructed to lie still with their eyes open fixating on a central cross",
  "MagneicFieldSrengh": 3.0,
  "Manufacturer": "Siemens",
  "ManufacturersModelName": "Skyra",
  "MultibandAccelerationFactor": 8.0,
  "Notes": "CMRR Multiband",
  "NumberOfSlices": 48,
  "NumberofMeasurements": "947",
  "ParallelAcquisition": "Yes",
  "PhaseEncodingDirection": "i",
  "PixelBandwidth": "2604",
  "PixelSpacing": "3x3",
  "PlaneOrientationSequentialuence": "Axial",
  "PulseSequentialuenceType": "EPI",
  "ReceiveCoilName": "32 Chan",
  "ReceiveCoilType": "Head",
  "RepetitionTime": 0.475,
  "ScanOptions": "FS",
  "SliceAcquisitionOrder": "Interleaved Ascending",
  "SliceThickness": 3.0,
  "SliceTiming": [
    0.2375,
    0.0,
    0.2474,
    0.0099,
    0.25729,
    0.01979,
    0.26719,
    0.02969,
    0.27708,
    0.03958,
    0.28698,
    0.049479999999999996,
    0.29688,
    0.05938,
    0.30677,
    0.06927,
    0.31667,
    0.07917,
    0.32656,
    0.08906,
    0.33646,
    0.09895999999999999,
    0.34635000000000005,
    0.10884999999999999,
    0.35625,
    0.11875,
    0.36615,
    0.12865000000000001,
    0.37604000000000004,
    0.13854,
    0.38594,
    0.14844,
    0.39582999999999996,
    0.15833000000000003,
    0.40573000000000004,
    0.16823,
    0.41562,
    0.17812,
    0.42552,
    0.18802000000000002,
    0.43542000000000003,
    0.19791999999999998,
    0.44531,
    0.20781,
    0.45521,
    0.21771000000000001,
    0.4651,
    0.2276
  ],
  "SpacingBetweenSlices": 3.0,
  "TaskDescription": "Participants were instructed to lie still with their eyes open fixating on a central cross presented on a mirror mounted on the head coil.",
  "TaskName": "rest"
}
