{
  "AcquisitionDuration": "6:06",
  "AcquisitionMatrix": "64x64",
  "EchoTime": 0.027999999999999997,
  "FieldofViewDimensions": "192x192",
  "FieldofViewShape": "Rectangular",
  "FlipAngle": 90,
  "Instructions": "Relax and think about whatever you want. Keep your eyes open and keep your head still",
  "Manufacturer": "Siemens",
  "ManufacturersModelName": "TrioTim",
  "NumberOfSlices": 34.0,
  "NumberofMeasurements": 120.0,
  "ParallelAcquisition": "No",
  "PhaseEncodingDirection": "j-",
  "PixelBandwidth": 2442.0,
  "PixelSpacing": "3x3",
  "PulseSequenceType": "EPI",
  "ReceiveCoilType": "Head",
  "RepetitionTime": 3.0,
  "ScanOptions": "FS",
  "SliceAcquisitionOrder": "Interleaved Ascending",
  "SliceEncodingDirection": "k",
  "SliceThickness": 4.0,
  "SliceTiming": [
    1.5,
    0.0,
    1.58824,
    0.08824,
    1.6764700000000001,
    0.17647,
    1.76471,
    0.26471,
    1.85294,
    0.35294,
    1.9411800000000001,
    0.44118,
    2.02941,
    0.5294099999999999,
    2.1176500000000003,
    0.61765,
    2.20588,
    0.70588,
    2.29412,
    0.79412,
    2.3823499999999997,
    0.88235,
    2.47059,
    0.9705900000000001,
    2.5588200000000003,
    1.0588199999999999,
    2.6470599999999997,
    1.14706,
    2.73529,
    1.23529,
    2.8235300000000003,
    1.3235299999999999,
    2.91176,
    1.41176
  ],
  "SpacingBetweenSlices": 4.0,
  "TaskDescription": "A white screen with a black fixation cross in the middle of the screen was presented. For some participants, the MPRAGE and resting state scans were performed on separate dates.",
  "TaskName": "rest",
  "MagneticFieldStrength": 3,
  "PlaneOrientationSequence": "Axial > Coronal -21.1"
}
