{
  "AcquisitionDuration": "7:06",
  "AcquisitionMatrix": "64x64",
  "EchoTime": 0.033,
  "FieldofViewDimensions": "230x230",
  "FieldofViewShape": "Rectangular",
  "FlipAngle": 90,
  "Instructions": "Participants were given access to a specific training and instruction video http://www.kuleuven.ac.be/radiology/FTP/Instructie_MRI.wmv. We also used standard written and verbal description at consent form time as well as verbal instructions prior to and during scan session.",
  "MagneicFieldStrength": 3,
  "Manufacturer": "Philips",
  "ManufacturersModelName": "Intera",
  "NumberOfSlices": 32.0,
  "NumberofMeasurements": 250.0,
  "ParallelAcquisition": "Yes",
  "ParallelAcquisitionTechnique": "SENSE",
  "ParallelReductionFactorIn-plane": 2.0,
  "PhaseEncodingDirection": "j-",
  "PixelBandwidth": 3208.1,
  "PixelSpacing": "3.59x3.59",
  "PlaneOrientationSequentialuence": "Axial",
  "PulseSequenceType": "EPI",
  "ReceiveCoilName": "8Ch",
  "ReceiveCoilType": "Head",
  "RepetitionTime": 1.65126,
  "ScanOptions": "FS",
  "SliceAcquisitionOrder": "Sequential Ascending",
  "SliceEncodingDirection": "k",
  "SliceThickness": 4.0,
  "SliceTiming": [
    0.0,
    0.052090000000000004,
    0.10418999999999999,
    0.15628,
    0.20837,
    0.26047000000000003,
    0.31256,
    0.36466000000000004,
    0.41675,
    0.46884,
    0.5209400000000001,
    0.5730299999999999,
    0.62512,
    0.67722,
    0.7293099999999999,
    0.7814099999999999,
    0.8335,
    0.88559,
    0.93769,
    0.98978,
    1.0418699999999999,
    1.09397,
    1.1460599999999999,
    1.1981600000000001,
    1.25025,
    1.3023399999999998,
    1.35444,
    1.40653,
    1.4586199999999998,
    1.51072,
    1.56281,
    1.61491
  ],
  "SpacingBetweenSlices": 4.0,
  "TaskDescription": "Scan sessions started with the acquisition of the anatomical scan, followed by two task-related fMRI runs, a DTI scan and finally, the resting state scan.",
  "TaskName": "rest"
}
