{
  "AcquisitionDuration": "5:43:00",
  "AcquisitionMatrix": "64x64",
  "Averages": 1.0,
  "Diffusionb-value": 1000.0,
  "EchoTime": 0.078,
  "FieldofViewDimensions": "192x192",
  "FieldofViewShape": "Rectangle",
  "FlipAngle": 60.0,
  "Manufacturer": "Siemens",
  "ManufacturersModelName": "Allegra",
  "NumberOfSlices": 50,
  "NumberofBZeros": "1",
  "NumberofDirections": 64,
  "NumberofMeasurements": 1.0,
  "ParallelAcquisition": "No",
  "PhaseEncodingDirection": "i",
  "PixelBandwidth": 3720.0,
  "PixelSpacing": "3x3",
  "PlaneOrientationSequence": "Axial",
  "ReceiveCoilType": "Nova Head Coil",
  "ReceiveCoilUsed": "8 Chan",
  "RepetitionTime": 5.2,
  "ScanningSequence": "EPI",
  "SliceAcquisitionOrder": "Interleaved Ascending",
  "SliceEncodingDirection": "k",
  "SliceThickness": 3.0,
  "SpacingBetweenSlices": 3.0,
  "MagneticFieldStrength": 3.0
}
