{
  "AcquisitionDuration": "16:21",
  "AcquisitionMatrix": "64x64",
  "EchoTime": 0.027999999999999997,
  "FieldofViewDimensions": "220x220",
  "FieldofViewShape": "Rectangle",
  "FlipAngle": 60,
  "Instructions": "Participants were asked to lie still in the scanner, with their eyes open, while staying awake.",
  "MagneicFieldStrength": 3.0,
  "Manufacturer": "Siemens",
  "ManufacturersModelName": "TriTim",
  "MultibandAccelerationFactor": 3.0,
  "Notes": "CMRR Multiband",
  "NumberOfSlices": 42,
  "NumberofMeasurements": "433",
  "ParallelAcquisition": "No",
  "PhaseEncodingDirection": "j-",
  "PixelBandwidth": "2604",
  "PixelSpacing": "3.4x3.4",
  "PlaneOrientationSequentialuence": "Axial>Coronal23",
  "PulseSequenceType": "EPI",
  "ReceiveCoilName": "32 Chan",
  "ReceiveCoilType": "Head",
  "RepetitionTime": 0.813,
  "ScanOptions": "FS",
  "SliceAcquisitionOrder": "Interleaved Ascending",
  "SliceEncodingDirection": "k",
  "SliceThickness": 3.4,
  "SliceTiming": [
    0.4065,
    0.0,
    0.42586,
    0.01936,
    0.44521,
    0.03871,
    0.46457,
    0.058070000000000004,
    0.48393,
    0.07743000000000001,
    0.50329,
    0.09679,
    0.52264,
    0.11614000000000001,
    0.542,
    0.1355,
    0.56136,
    0.15486000000000003,
    0.5807100000000001,
    0.17421,
    0.6000700000000001,
    0.19357,
    0.6194299999999999,
    0.21293,
    0.63879,
    0.23229,
    0.65814,
    0.25164,
    0.6775,
    0.271,
    0.69686,
    0.29036,
    0.71621,
    0.30971,
    0.7355700000000001,
    0.32907,
    0.75493,
    0.34843,
    0.7742899999999999,
    0.36779,
    0.79364,
    0.38714
  ],
  "SpacingBetweenSlices": 3.4,
  "TaskDescription": "No stimuli were shown on a black screen. Participants were instructed to remain awake with eyes open and move as little as possible. Wakefulness was monitored throughout the scan using an MR compatible video camera. Resting-state scans were acquired along with other structural scans, and prior to any task-based experiments.",
  "TaskName": "rest"
}
