{
  "AcquisitionDuration": "7:06",
  "AcquisitionMatrix": "80x80",
  "EchoTime": 0.027000000000000003,
  "FieldofViewDimensions": "240x240",
  "FieldofViewShape": "Rectangle",
  "FlipAngle": 90,
  "Instructions": " Participants were asked to look at the red-cross for the duration of the scan",
  "Manufacturer": "Philips",
  "ManufacturersModelName": "Achieva",
  "NumberOfSlices": 37,
  "NumberofMeasurements": "210",
  "ParallelAcquisition": "Yes",
  "ParallelAcquisitionTechnique": "SENSE",
  "ParallelReductionFactorIn-plane": "2",
  "PhaseEncodingDirection": "j-",
  "PixelBandwidth": "39.5/pixel",
  "PixelSpacing": "3x3",
  "PulseSequenceType": "EPI",
  "ReceiveCoilName": "8 Chan",
  "ReceiveCoilType": "Head",
  "RepetitionTime": 2.0,
  "ScanOptions": "FS",
  "SliceAcquisitionOrder": "Sequential Descending",
  "SliceEncodingDirection": "k-",
  "SliceThickness": 3.2,
  "SliceTiming": [
    1.94595,
    1.89189,
    1.83784,
    1.78378,
    1.72973,
    1.67568,
    1.6216199999999998,
    1.56757,
    1.51351,
    1.45946,
    1.40541,
    1.3513499999999998,
    1.2973,
    1.24324,
    1.18919,
    1.13514,
    1.0810799999999998,
    1.0270299999999999,
    0.97297,
    0.91892,
    0.86486,
    0.8108099999999999,
    0.75676,
    0.7027,
    0.64865,
    0.5945900000000001,
    0.5405399999999999,
    0.48649000000000003,
    0.43243,
    0.37838,
    0.32432,
    0.27026999999999995,
    0.21622,
    0.16216,
    0.10811,
    0.054049999999999994,
    0.0
  ],
  "SpacingBetweenSlices": 3.55,
  "TaskDescription": "The mirror reflected a visual display (projection of a computer screen), which presented the red-cross. Participants were asked to look at the red-cross for the duration of the scan.",
  "TaskName": "rest",
  "MagneticFieldStrength": 3.0,
  "PlaneOrientationSequence": "Axial"
}
