{
  "AcquisitionDuration": "7:06",
  "AcquisitionMatrix": "80x77",
  "EchoTime": 0.025,
  "FieldofViewDimensions": "240x240",
  "FieldofViewShape": "Rectangle",
  "FlipAngle": 90,
  "Instructions": "participants were reminded via the scanner intercom to remain as still as possible and fixate on a crosshair presented on the screen.",
  "Manufacturer": "Philips",
  "ManufacturersModelName": "Achieva",
  "NumberOfSlices": 40,
  "NumberofMeasurements": "210",
  "PhaseEncodingDirection": "j-",
  "PixelSpacing": "3x3.1",
  "PulseSequenceType": "EPI",
  "ReceiveCoilName": "32 Chan",
  "ReceiveCoilType": "Head",
  "RepetitionTime": 2.0,
  "ScanOptions": "FS",
  "SliceAcquisitionOrder": "Sequential Descending",
  "SliceEncodingDirection": "k-",
  "SliceThickness": 3.0,
  "SliceTiming": [
    1.95,
    1.9,
    1.85,
    1.8,
    1.75,
    1.7,
    1.65,
    1.6,
    1.55,
    1.5,
    1.45,
    1.4,
    1.35,
    1.3,
    1.25,
    1.2,
    1.15,
    1.1,
    1.05,
    1.0,
    0.95,
    0.9,
    0.85,
    0.8,
    0.75,
    0.7,
    0.65,
    0.6,
    0.55,
    0.5,
    0.45,
    0.4,
    0.35,
    0.3,
    0.25,
    0.2,
    0.15,
    0.1,
    0.05,
    0.0
  ],
  "SpacingBetweenSlices": 3.0,
  "TaskDescription": "Resting state was collected with subject's eyes open and fixated on a crosshair in the center of the screen.",
  "TaskName": "rest",
  "PlaneOrientationSequence": "Axial"
}
