{
  "AcquisitionDuration": "8:59",
  "AcquisitionMatrix": "256x256",
  "EchoTime": 0.0039299999999999995,
  "FieldofViewDimensions": "269x269",
  "FieldofViewShape": "Rectangle",
  "FlipAngle": 7,
  "InversionTime": 1.0,
  "MagneticFieldStrength": 3,
  "Manufacturer": "Siemens",
  "ManufacturersModelName": "Allegra",
  "NumberOfSlices": 176.0,
  "ParallelAcquisition": "No",
  "PhaseEncodingDirection": "j-",
  "PixelBandwidth": 130.0,
  "PixelSpacing": "1.1x1.1",
  "PlaneOrientationSequence": "Saggital",
  "ReceiveCoilType": "Head",
  "RepetitionTime": 2.1,
  "ScanningSequence": "MPRAGE",
  "SliceAcquisitionOrder": "Sequential Ascending",
  "SliceEncodingDirection": "i",
  "SliceThickness": 1.1,
  "SpacingBetweenSlices": 1.65
}
