{
  "AcquisitionDuration": "3:41",
  "AcquisitionMatrix": "256x240",
  "EchoTime": 0.0030600000000000002,
  "FieldofViewDimensions": "256x240",
  "FieldofViewShape": "Rectangle",
  "FlipAngle": 9,
  "InversionTime": 0.9,
  "MagneticFieldStrength": 3,
  "Manufacturer": "Siemens",
  "ManufacturersModelName": "Verio",
  "NumberOfSlices": 160.0,
  "ParallelAcquisition": "Yes",
  "ParallelAcquisitionTechnique": "GRAPPA",
  "ParallelReductionFactorIn-plane": 2.0,
  "PartialFourier": "8-Jul",
  "PhaseEncodingDirection": "j-",
  "PixelBandwidth": 230.0,
  "PixelSpacing": "1x1",
  "PlaneOrientationSequence": "Saggital",
  "ReceiveCoilType": "Head",
  "RepetitionTime": 1.8,
  "ScanOptions": "PFP",
  "ScanningSequence": "MPRAGE",
  "SliceAcquisitionOrder": "Interleaved Ascending",
  "SliceEncodingDirection": "i",
  "SliceThickness": 1.0,
  "SpacingBetweenSlices": 1.5
}
