{
  "AcquisitionDuration": "6:06",
  "AcquisitionMatrix": "64x64",
  "EchoTime": 0.03,
  "FieldofViewDimensions": "192x192",
  "FieldofViewShape": "Rectangular",
  "FlipAngle": 80,
  "Instructions": "Some participants were instructed to lay still and keep their eyes closed while no visual stimulus was presented during the resting state scan, others were instructed to keep their eyes open and look at a picture of a night sky with stars. Information about the eye status for each subject is provided in the dataset shared",
  "MagneicFieldStrength": 3,
  "Manufacturer": "Siemens",
  "ManufacturersModelName": "Verio",
  "NumberOfSlices": 28.0,
  "NumberofMeasurements": 120.0,
  "ParallelAcquisition": "No",
  "PhaseEncodingDirection": "j-",
  "PixelBandwidth": 2232.0,
  "PixelSpacing": "3x3",
  "PlaneOrientationSequentialuence": "Axial",
  "PulseSequenceType": "EPI",
  "ReceiveCoilType": "Head",
  "RepetitionTime": 3.0,
  "ScanOptions": "FS",
  "SliceAcquisitionOrder": "Interleaved Ascending",
  "SliceEncodingDirection": "k",
  "SliceThickness": 4.0,
  "SliceTiming": [
    1.5,
    0.0,
    1.60714,
    0.10714,
    1.7142899999999999,
    0.21428999999999998,
    1.82143,
    0.32143,
    1.92857,
    0.42857,
    2.03571,
    0.53571,
    2.14286,
    0.64286,
    2.25,
    0.75,
    2.35714,
    0.85714,
    2.46429,
    0.96429,
    2.57143,
    1.07143,
    2.67857,
    1.17857,
    2.78571,
    1.2857100000000001,
    2.89286,
    1.39286
  ],
  "SpacingBetweenSlices": 4.4,
  "TaskDescription": "Some participants were instructed to lay still and keep their eyes closed while no visual stimulus was presented during the resting state scan, others were instructed to keep their eyes open and look at a picture of a night sky with stars. Information about the eye status for each subject is provided in the dataset shared (see link to dataset and/or to databases). Most children with ASD were scanned using a 200 time points EPI sequence (instead of 120) to allow for post-hoc deletion of high motion frames.",
  "TaskName": "rest"
}
