{
  "AcquisitionDuration": "5:05, 5:15, 5:17, 5:20, 6:30, 6:45",
  "AcquisitionMatrix": "84x81",
  "EchoTime": 0.03,
  "FieldofViewDimensions": "256x256",
  "FieldofViewShape": "Rectangle",
  "FlipAngle": 75,
  "Instructions": "Participants were instructed to relax and focus on a crosshair while remaining as still as possible.",
  "MagneicFieldSrengh": 3.0,
  "Manufacturer": "Philips",
  "ManufacturersModelName": "Achieva",
  "Notes": "Reconstructed voxels 2.67x2.67x3",
  "NumberOfSlices": 47,
  "NumberofMeasurements": "122,126,127,128,156,000",
  "ParallelAcquisition": "Yes",
  "ParallelAcquisitionTechnique": "SENSE",
  "ParallelReductionFactorIn-plane": "3",
  "PhaseEncodingDirection": "j-",
  "PixelBandwidth": "2697",
  "PixelSpacing": "3x3",
  "PlaneOrientationSequentialuence": "Axial",
  "PulseSequentialuenceType": "EPI",
  "ReceiveCoilName": "8 Chan",
  "ReceiveCoilType": "Head",
  "RepetitionTime": 2.5,
  "ScanOptions": "FS",
  "SliceAcquisitionOrder": "Sequential Ascending",
  "SliceEncodingDirection": "k",
  "SliceThickness": 3.0,
  "SliceTiming": [
    0.0,
    0.05319,
    0.10638,
    0.15957,
    0.21277000000000001,
    0.26596,
    0.31915,
    0.37233999999999995,
    0.42552999999999996,
    0.47872000000000003,
    0.53191,
    0.58511,
    0.6383,
    0.69149,
    0.7446799999999999,
    0.79787,
    0.8510599999999999,
    0.90426,
    0.95745,
    1.01064,
    1.0638299999999998,
    1.11702,
    1.17021,
    1.2234,
    1.2766,
    1.32979,
    1.38298,
    1.4361700000000002,
    1.4893599999999998,
    1.5425499999999999,
    1.59574,
    1.64894,
    1.7021300000000001,
    1.75532,
    1.80851,
    1.8617000000000001,
    1.9148900000000002,
    1.96809,
    2.02128,
    2.07447,
    2.1276599999999997,
    2.18085,
    2.23404,
    2.28723,
    2.34043,
    2.39362,
    2.44681
  ],
  "SpacingBetweenSlices": 3.0,
  "TaskDescription": "One resting state fMRI scan was collected either prior or after structural scans (see below for a link of the rest anatomical acquisition order by individual ID). During the resting state scan, children were instructed to relax and focus on a crosshair while remaining as still as possible. During the MPRAGE, children were allowed to watch a movie of their choosing.",
  "TaskName": "rest"
}
