{
  "AcquisitionDuration": "6:40",
  "AcquisitionMatrix": "64x64",
  "EchoTime": 0.025,
  "FieldofViewDimensions": "220x220",
  "FieldofViewShape": "Rectangular",
  "FlipAngle": 60,
  "Instructions": "Participants were asked to lie as still as possible, keep their eyes open, try not to fall asleep, and think about whatever they want",
  "MagneicFieldStrength": 3,
  "Manufacturer": "Siemens",
  "ManufacturersModelName": "TrioTim",
  "NumberOfSlices": 34.0,
  "NumberofMeasurements": 200.0,
  "ParallelAcquisition": "No",
  "PhaseEncodingDirection": "j-",
  "PixelBandwidth": 2520.0,
  "PixelSpacing": "3.4x3.4",
  "PlaneOrientationSequentialuence": "Axial > Coronal 9.5",
  "PulseSequenceType": "EPI",
  "ReceiveCoilType": "Head",
  "RepetitionTime": 2.0,
  "ScanOptions": "FS",
  "SliceAcquisitionOrder": "Interleaved Ascending",
  "SliceEncodingDirection": "k",
  "SliceThickness": 4.0,
  "SliceTiming": [
    1.0,
    0.0,
    1.0588199999999999,
    0.05882,
    1.11765,
    0.11765,
    1.1764700000000001,
    0.17647,
    1.23529,
    0.23529,
    1.29412,
    0.29412,
    1.35294,
    0.35294,
    1.41176,
    0.41176,
    1.4705899999999998,
    0.47058999999999995,
    1.5294100000000002,
    0.5294099999999999,
    1.58824,
    0.58824,
    1.64706,
    0.64706,
    1.70588,
    0.70588,
    1.76471,
    0.76471,
    1.8235299999999999,
    0.82353,
    1.88235,
    0.88235,
    1.9411800000000001,
    0.9411799999999999
  ],
  "SpacingBetweenSlices": 4.0,
  "TaskDescription": "A black background with a gray central fixation cross was presented during the resting state scan, although participants were not asked to fixate. At the end of the scan, we verified that participants had not fallen asleep.",
  "TaskName": "rest"
}
