{
  "AcquisitionMatrix": "256x256",
  "EchoTime": 0.0043,
  "FieldofViewDimensions": "256x256",
  "FieldofViewShape": "Rectangle",
  "FlipAngle": 8,
  "InversionTime": 0.6,
  "MagneticFieldStrength": 3,
  "Manufacturer": "GE",
  "ManufacturersModelName": "MR750",
  "NumberOfSlices": 172.0,
  "ParallelAcquisition": "Yes",
  "ParallelAcquisitionTechnique": "ASSET",
  "ParallelReductionFactorIn-plane": 2.0,
  "PixelSpacing": "1x1",
  "PlaneOrientationSequence": "Saggital",
  "ReceiveCoilName": "8Ch",
  "ReceiveCoilType": "Head",
  "RepetitionTime": 0.01108,
  "ScanningSequence": "FSPGR",
  "SliceAcquisitionOrder": "Interleaved Ascending",
  "SliceEncodingDirection": "i",
  "SliceThickness": 1.0
}
