{
  "AcquisitionDuration": "3:43:00",
  "AcquisitionMatrix": "256x256",
  "EchoTime": 0.0027300000000000002,
  "FieldofViewDimensions": "256x256",
  "FieldofViewShape": "Rectangle",
  "FlipAngle": 10,
  "InversionTime": 0.8,
  "MagneticFieldStrength": 3,
  "Manufacturer": "Siemens",
  "ManufacturersModelName": "TrioTim",
  "NumberOfSlices": 176.0,
  "ParallelAcquisition": "Yes",
  "ParallelAcquisitionTechnique": "GRAPPA",
  "ParallelReductionFactorIn-plane": 2.0,
  "PhaseEncodingDirection": "j-",
  "PixelBandwidth": 200.0,
  "PixelSpacing": "1x1",
  "PlaneOrientationSequence": "Saggital",
  "ReceiveCoilType": "Head",
  "RepetitionTime": 1.59,
  "ScanOptions": "FS",
  "ScanningSequence": "MPRAGE",
  "SliceAcquisitionOrder": "Sequential Ascending",
  "SliceEncodingDirection": "i",
  "SliceThickness": 1.0,
  "SpacingBetweenSlices": 1.5
}
