{
  "AcquisitionDuration": "3:32",
  "AcquisitionMatrix": "64x64",
  "EchoTime": 0.03,
  "FieldofViewDimensions": "240x240",
  "FieldofViewShape": "Rectangular",
  "FlipAngle": 90,
  "Manufacturer": "Siemens",
  "ManufacturersModelName": "TrioTim",
  "NumberOfSlices": 36.0,
  "NumberofMeasurements": 82.0,
  "ParallelAcquisition": "No",
  "PhaseEncodingDirection": "j-",
  "PixelBandwidth": 2298.0,
  "PixelSpacing": "3.8x3.8",
  "PulseSequenceType": "EPI",
  "ReceiveCoilType": "Head",
  "RepetitionTime": 2.5,
  "ScanOptions": "FS",
  "SliceAcquisitionOrder": "Interleaved Ascending",
  "SliceEncodingDirection": "k",
  "SliceThickness": 3.8,
  "SliceTiming": [
    1.25,
    0.0,
    1.31944,
    0.06944,
    1.3888900000000002,
    0.13888999999999999,
    1.45833,
    0.20833000000000002,
    1.52778,
    0.27777999999999997,
    1.59722,
    0.34722000000000003,
    1.66667,
    0.41667000000000004,
    1.7361099999999998,
    0.48611,
    1.80556,
    0.5555599999999999,
    1.875,
    0.625,
    1.94444,
    0.6944400000000001,
    2.01389,
    0.76389,
    2.08333,
    0.83333,
    2.1527800000000004,
    0.90278,
    2.2222199999999996,
    0.97222,
    2.29167,
    1.04167,
    2.36111,
    1.1111099999999998,
    2.43056,
    1.18056
  ],
  "SpacingBetweenSlices": 3.8,
  "TaskDescription": "Participants were scanned with eyes open; the protocol called for three sequential scans in the same session. Most, but not all participants were able to complete all three scans.",
  "TaskName": "rest",
  "MagneticFieldStrength": 3,
  "PlaneOrientationSequence": "Axial > Coronal -6.1"
}
