{
  "AcquisitionDuration": "5:34:00",
  "AcquisitionMatrix": "244X227",
  "EchoTime": 0.0031,
  "FieldofViewDimensions": "270X252",
  "FieldofViewShape": "Rectangle",
  "FlipAngle": 9,
  "InversionTime": 0.9,
  "MagneticFieldStrength": 3.0,
  "Manufacturer": "Philips",
  "ManufacturersModelName": "Ingenia",
  "Notes": "Reconstructed voxels 1.05X1.05X1.2",
  "NumberOfSlices": 170,
  "ParallelAcquisition": "Yes",
  "ParallelAcquisitionTechnique": "SENSE",
  "ParallelReductionFactorIn-plane": 1.0,
  "PhaseEncodingDirection": "j-",
  "PixelBandwidth": 240.0,
  "PixelSpacing": "1.1X1.1",
  "PlaneOrientationSequence": "Sagittal",
  "ReceiveCoilName": "15 Chan",
  "ReceiveCoilType": "Head",
  "RepetitionTime": 0.0067,
  "ScanningSequence": "MPRAGE",
  "SliceAcquisitionOrder": "Sequential Ascending",
  "SliceEncodingDirection": "i",
  "SliceThickness": 1.2,
  "SpacingBetweenSlices": 1.2
}
