{
  "AcquisitionDuration": "4:37:00",
  "AcquisitionMatrix": "240x240",
  "EchoTime": "0.0056",
  "FieldofViewDimensions": "240x240",
  "FieldofViewShape": "Rectangle",
  "FlipAngle": 30,
  "InversionTime": 0.0,
  "MagneticFieldStrength": 1.5,
  "Manufacturer": "Philips",
  "ManufacturersModelName": "Achieva",
  "Notes": "Reconstructed Voxels 0.94x0.94x1",
  "NumberOfSlices": 170,
  "ParallelAcquisition": "Yes",
  "ParallelAcquisitionTechnique": "SENSE",
  "ParallelReductionFactorIn-plane": 2.0,
  "PhaseEncodingDirection": "j-",
  "PixelSpacing": "1x1",
  "PlaneOrientationSequence": "Sagittal",
  "ReceiveCoilType": "Head",
  "RepetitionTime": "0.025",
  "ScanningSequence": "MPRAGE",
  "SliceThickness": 1.0
}
