{
  "AcquisitionDuration": "1:43:00",
  "AcquisitionMatrix": "208x207",
  "EchoTime": "0.0046",
  "FieldofViewDimensions": "250x250",
  "FieldofViewShape": "Rectangle",
  "FlipAngle": 8,
  "InversionTime": 0.9,
  "MagneticFieldStrength": 3.0,
  "Manufacturer": "Philips",
  "ManufacturersModelName": "Achieva Ds",
  "Notes": "Reconstructed Voxels 0.98x0.98x1.2",
  "NumberOfSlices": 182,
  "ParallelAcquisition": "Yes",
  "ParallelAcquisitionTechnique": "SENSE",
  "ParallelReductionFactorIn-plane": 1.5,
  "ParallelReductionFactorout-of-plane": 2.5,
  "PhaseEncodingDirection": "i",
  "PixelBandwidth": 131.0,
  "PixelSpacing": "1.2x1.2",
  "PlaneOrientationSequence": "Coronal",
  "ReceiveCoilName": "32 Chan",
  "ReceiveCoilType": "Head",
  "RepetitionTime": "0.0094",
  "ScanningSequence": "3D TFE",
  "SliceThickness": 1.2
}
