{
  "AcquisitionDuration": "8:07:00",
  "AcquisitionMatrix": "256x192",
  "EchoTime": "0.00325",
  "FieldofViewDimensions": "256x256",
  "FieldofViewShape": "Rectangle",
  "FlipAngle": 7,
  "InversionTime": 1.1,
  "MagneticFieldStrength": 3.0,
  "Manufacturer": "Siemens",
  "ManufacturersModelName": "Allegra",
  "NumberOfSlices": 128,
  "PhaseEncodingDirection": "j-",
  "PixelBandwidth": 200.0,
  "PixelSpacing": "1.3x1.0",
  "PlaneOrientationSequence": "Sagittal",
  "ReceiveCoilName": "8 Chan",
  "ReceiveCoilType": "Head",
  "RepetitionTime": "0.00325",
  "ScanningSequence": "3D TFL",
  "SliceAcquisitionOrder": "Sequential Ascending",
  "SliceEncodingDirection": "i",
  "SliceThickness": 1.33,
  "SpacingBetweenSlices": 1.995
}
