{
  "AcquisitionDuration": "7:28",
  "AcquisitionMatrix": "80x80",
  "EchoTime": 0.03,
  "FieldofViewDimensions": "220x220",
  "FieldofViewShape": "Rectangular",
  "FlipAngle": 80,
  "Instructions": "relax and don't think about anything in particular, try to move as little as possible, and keep your eyes closed",
  "Manufacturer": "Philips",
  "ManufacturersModelName": "Intera",
  "NumberOfSlices": 38.0,
  "NumberofMeasurements": 200.0,
  "ParallelAcquisition": "Yes",
  "ParallelAcquisitionTechnique": "SENSE",
  "ParallelReductionFactorIn-plane": 3.0,
  "PhaseEncodingDirection": "j-",
  "PixelBandwidth": 1283.7,
  "PixelSpacing": "2.75x2.75",
  "PulseSequenceType": "EPI",
  "ReceiveCoilType": "Head",
  "RepetitionTime": 2.2,
  "ScanOptions": "FS",
  "SliceAcquisitionOrder": "Sequential Descending",
  "SliceEncodingDirection": "k",
  "SliceThickness": 2.72,
  "SliceTiming": [
    2.14211,
    2.08421,
    2.02632,
    1.96842,
    1.91053,
    1.85263,
    1.79474,
    1.73684,
    1.67895,
    1.6210499999999999,
    1.56316,
    1.50526,
    1.4473699999999998,
    1.38947,
    1.33158,
    1.2736800000000001,
    1.21579,
    1.15789,
    1.1,
    1.0421099999999999,
    0.98421,
    0.92632,
    0.86842,
    0.81053,
    0.75263,
    0.69474,
    0.6368400000000001,
    0.5789500000000001,
    0.5210499999999999,
    0.46316,
    0.40526,
    0.34737,
    0.28947,
    0.23158,
    0.17368,
    0.11579,
    0.057890000000000004,
    0.0
  ],
  "SpacingBetweenSlices": 2.992,
  "TaskDescription": " The back-projection screen was turned off, and the light in the scanner room was dimmed.",
  "TaskName": "rest",
  "MagneticFieldStrength": 3,
  "PlaneOrientationSequence": "Axial"
}
