{
  "AcquisitionDuration": "5:14",
  "AcquisitionMatrix": "64x64",
  "BulkMotionCompensationTechnique": "Tracking",
  "EchoTime": 0.03,
  "FieldofViewDimensions": "192x192",
  "FieldofViewShape": "Rectangle",
  "FlipAngle": 90,
  "Instructions": "Participants were asked to rest with their eyes open, but to remain awake.",
  "Manufacturer": "Siemens",
  "ManufacturersModelName": "TriTim",
  "NumberOfSlices": 43,
  "NumberofMeasurements": "154",
  "ParallelAcquisition": "Yes",
  "ParallelAcquisitionTechnique": "GRAPPA",
  "ParallelReductionFactorIn-plane": "2",
  "PhaseEncodingDirection": "j-",
  "PixelBandwidth": "2442",
  "PixelSpacing": "3x3",
  "PulseSequenceType": "EPI",
  "ReceiveCoilName": "12 Chan",
  "ReceiveCoilType": "Head",
  "RepetitionTime": 2.0,
  "SliceAcquisitionOrder": "Interleaved Ascending",
  "SliceEncodingDirection": "k",
  "SliceThickness": 2.5,
  "SliceTiming": [
    0.0,
    1.02326,
    0.046509999999999996,
    1.0697699999999999,
    0.09301999999999999,
    1.11628,
    0.13953,
    1.16279,
    0.18605000000000002,
    1.2093,
    0.23256,
    1.2558099999999999,
    0.27907,
    1.30233,
    0.32558,
    1.3488399999999998,
    0.37209,
    1.3953499999999999,
    0.4186,
    1.44186,
    0.46512,
    1.48837,
    0.51163,
    1.53488,
    0.55814,
    1.5814000000000001,
    0.60465,
    1.6279100000000002,
    0.65116,
    1.67442,
    0.69767,
    1.72093,
    0.74419,
    1.7674400000000001,
    0.7907000000000001,
    1.81395,
    0.83721,
    1.86047,
    0.8837200000000001,
    1.9069800000000001,
    0.93023,
    1.95349,
    0.97674
  ],
  "SpacingBetweenSlices": 3.0,
  "TaskDescription": "Each participant underwent a resting state scan lasting 5 min, 14 s in which they were asked to rest with their eyes open, but to remain awake. Head motion was minimized using foam cushions placed in the space between the participant's head and the headcoil.",
  "TaskName": "rest",
  "MagneticFieldStrength": 3.0,
  "PlaneOrientationSequence": "Axial"
}
