{
  "AcquisitionDuration": "8:06",
  "AcquisitionMatrix": "64x64",
  "BulkMotionCompensationTechnique": "Tracking",
  "EchoTime": 0.027999999999999997,
  "FieldofViewDimensions": "220x220",
  "FieldofViewShape": "Rectangular",
  "FlipAngle": 90,
  "Instructions": "Keep your eyes open and remain awake, letting thoughts pass through your mind without focusing on any particular mental activity",
  "Manufacturer": "Siemens",
  "ManufacturersModelName": "TrioTim",
  "NumberOfSlices": 40.0,
  "NumberofMeasurements": 240.0,
  "ParallelAcquisition": "Yes",
  "ParallelAcquisitionTechnique": "GRAPPA",
  "ParallelReductionFactorIn-plane": 2.0,
  "PhaseEncodingDirection": "j-",
  "PixelBandwidth": 2894.0,
  "PixelSpacing": "3.4x3.4",
  "PulseSequenceType": "EPI",
  "ReceiveCoilType": "Head",
  "RepetitionTime": 2.0,
  "ScanOptions": "FS",
  "SliceAcquisitionOrder": "Interleaved Ascending",
  "SliceEncodingDirection": "k",
  "SliceThickness": 3.0,
  "SliceTiming": [
    1.0,
    0.0,
    1.05,
    0.05,
    1.1,
    0.1,
    1.15,
    0.15,
    1.2,
    0.2,
    1.25,
    0.25,
    1.3,
    0.3,
    1.35,
    0.35,
    1.4,
    0.4,
    1.45,
    0.45,
    1.5,
    0.5,
    1.55,
    0.55,
    1.6,
    0.6,
    1.65,
    0.65,
    1.7,
    0.7,
    1.75,
    0.75,
    1.8,
    0.8,
    1.85,
    0.85,
    1.9,
    0.9,
    1.95,
    0.95
  ],
  "SpacingBetweenSlices": 3.3,
  "TaskName": "rest",
  "MagneticFieldStrength": 3,
  "PlaneOrientationSequence": "Axial"
}
